{
	"TaskName": "prodLn",
	"Manufacturer": "Siemens",
	"ManufacturersModelName": "TrioTim",
	"AcquisitionNumber": 1,
	"InstitutionName": "BCBL",
	"InstitutionAddress": "Mikeletegi_69_San_Sebastian_District_ES_20009",
	"DeviceSerialNumber": "35414",
	"SoftwareVersions": "syngo_MR_B17",
	"ProcedureStepDescription": "CRANEO_FUNCIONAL",
	"ScanningSequence": "EP",
	"SequenceVariant": "SK",
	"SeriesDescription": "ep2d_VF_L3_Run2",
	"ProtocolName": "ep2d_VF_L3_Run2",
	"SequenceName": "_epfid2d1_64",
	"ImageType": ["ORIGINAL", "PRIMARY", "M", "ND", "MOSAIC"],
	"AcquisitionTime": "14:13:57.067500",
	"MagneticFieldStrength": 3,
	"FlipAngle": 90,
	"EchoTime": 0.025,
	"RepetitionTime": 3,
	"PhaseEncodingLines": 64,
	"BandwidthPerPixelPhaseEncode": 29.481,
	"EffectiveEchoSpacing": 0.000530002,
	"TotalReadoutTime": 0.0333901,
	"SliceTiming": [
		2.9225,
		2.8525,
		2.7825,
		2.7125,
		2.6425,
		2.5725,
		2.505,
		2.435,
		2.365,
		2.295,
		2.225,
		2.155,
		2.0875,
		2.0175,
		1.9475,
		1.8775,
		1.8075,
		1.74,
		1.67,
		1.6,
		1.53,
		1.46,
		1.39,
		1.3225,
		1.2525,
		1.1825,
		1.1125,
		1.0425,
		0.9725,
		0.905,
		0.835,
		0.765,
		0.695,
		0.625,
		0.555,
		0.4875,
		0.4175,
		0.3475,
		0.2775,
		0.2075,
		0.1375,
		0.07,
		0	],
	"PhaseEncodingDirection": "j-",
	"ConversionSoftware": "dcm2niix",
	"ConversionSoftwareVersion": "v1.0.20170724 GCC4.4.7"
}
