{
	"TaskName": "prodL1",
	"Manufacturer": "Siemens",
	"ManufacturersModelName": "Prisma_fit",
	"EchoTrainLength": 64,
	"AcquisitionNumber": 1,
	"InstitutionName": "BCBL",
	"InstitutionAddress": "Mikeletegi_69_San_Sebastian_District_ES_20009",
	"DeviceSerialNumber": "167004",
	"SoftwareVersions": "syngo_MR_E11",
	"ProcedureStepDescription": "CRANEO_FUNCIONAL",
	"ScanningSequence": "EP",
	"SequenceVariant": "SK",
	"SeriesDescription": "ep2d_VF_L1_Run2",
	"BodyPartExamined": "BRAIN",
	"ProtocolName": "ep2d_VF_L1_Run2",
	"SequenceName": "_epfid2d1_64",
	"ImageType": ["ORIGINAL", "PRIMARY", "M", "ND", "MOSAIC"],
	"AcquisitionTime": "12:59:44.140000",
	"MagneticFieldStrength": 3,
	"FlipAngle": 90,
	"EchoTime": 0.025,
	"RepetitionTime": 3,
	"PhaseEncodingLines": 64,
	"BandwidthPerPixelPhaseEncode": 29.481,
	"EffectiveEchoSpacing": 0.000530002,
	"TotalReadoutTime": 0.0333901,
	"SliceTiming": [
		2.91,
		2.8425,
		2.7725,
		2.7025,
		2.635,
		2.565,
		2.495,
		2.425,
		2.3575,
		2.2875,
		2.2175,
		2.15,
		2.08,
		2.01,
		1.94,
		1.8725,
		1.8025,
		1.7325,
		1.665,
		1.595,
		1.525,
		1.455,
		1.3875,
		1.3175,
		1.2475,
		1.1775,
		1.11,
		1.04,
		0.97,
		0.9025,
		0.8325,
		0.7625,
		0.6925,
		0.625,
		0.555,
		0.485,
		0.4175,
		0.3475,
		0.2775,
		0.2075,
		0.14,
		0.07,
		0	],
	"PhaseEncodingDirection": "j-",
	"ConversionSoftware": "dcm2niix",
	"ConversionSoftwareVersion": "v1.0.20170724 GCC4.4.7"
}
