{
	"TaskName": "compLn",
	"Manufacturer": "Siemens",
	"ManufacturersModelName": "Prisma_fit",
	"EchoTrainLength": 64,
	"AcquisitionNumber": 1,
	"InstitutionName": "BCBL",
	"InstitutionAddress": "Mikeletegi_69_San_Sebastian_District_ES_20009",
	"DeviceSerialNumber": "167004",
	"SoftwareVersions": "syngo_MR_E11",
	"ProcedureStepDescription": "CRANEO_FUNCIONAL",
	"ScanningSequence": "EP",
	"SequenceVariant": "SK",
	"SeriesDescription": "ep2d_PiN_L3_Run2",
	"BodyPartExamined": "BRAIN",
	"ProtocolName": "ep2d_PiN_L3_Run2",
	"SequenceName": "_epfid2d1_64",
	"ImageType": ["ORIGINAL", "PRIMARY", "M", "ND", "MOSAIC"],
	"AcquisitionTime": "13:15:18.942500",
	"MagneticFieldStrength": 3,
	"FlipAngle": 80,
	"EchoTime": 0.03,
	"RepetitionTime": 2,
	"PhaseEncodingLines": 64,
	"BandwidthPerPixelPhaseEncode": 28.409,
	"EffectiveEchoSpacing": 0.000550002,
	"TotalReadoutTime": 0.0346501,
	"SliceTiming": [
		1.9175,
		1.855,
		1.7925,
		1.7325,
		1.67,
		1.6075,
		1.545,
		1.485,
		1.4225,
		1.36,
		1.2975,
		1.2375,
		1.175,
		1.1125,
		1.05,
		0.99,
		0.9275,
		0.865,
		0.8025,
		0.7425,
		0.68,
		0.6175,
		0.555,
		0.495,
		0.4325,
		0.37,
		0.3075,
		0.2475,
		0.185,
		0.1225,
		0.06,
		0	],
	"PhaseEncodingDirection": "j-",
	"ConversionSoftware": "dcm2niix",
	"ConversionSoftwareVersion": "v1.0.20170724 GCC4.4.7"
}
