{
	"TaskName": "prodL1",
	"Manufacturer": "Siemens",
	"ManufacturersModelName": "TrioTim",
	"AcquisitionNumber": 1,
	"InstitutionName": "BCBL",
	"InstitutionAddress": "Mikeletegi_69_San_Sebastian_District_ES_20009",
	"DeviceSerialNumber": "35414",
	"SoftwareVersions": "syngo_MR_B17",
	"ProcedureStepDescription": "CRANEO_FUNCIONAL",
	"ScanningSequence": "EP",
	"SequenceVariant": "SK",
	"SeriesDescription": "ep2d_VF_L1_Run1",
	"ProtocolName": "ep2d_VF_L1_Run1",
	"SequenceName": "_epfid2d1_64",
	"ImageType": ["ORIGINAL", "PRIMARY", "M", "ND", "MOSAIC"],
	"AcquisitionTime": "15:28:10.495000",
	"MagneticFieldStrength": 3,
	"FlipAngle": 90,
	"EchoTime": 0.025,
	"RepetitionTime": 3,
	"PhaseEncodingLines": 64,
	"BandwidthPerPixelPhaseEncode": 29.481,
	"EffectiveEchoSpacing": 0.000530002,
	"TotalReadoutTime": 0.0333901,
	"SliceTiming": [
		2.9225,
		2.8525,
		2.785,
		2.715,
		2.645,
		2.575,
		2.505,
		2.435,
		2.3675,
		2.2975,
		2.2275,
		2.1575,
		2.0875,
		2.0175,
		1.95,
		1.88,
		1.81,
		1.74,
		1.67,
		1.6,
		1.5325,
		1.4625,
		1.3925,
		1.3225,
		1.2525,
		1.185,
		1.115,
		1.045,
		0.975,
		0.905,
		0.835,
		0.7675,
		0.6975,
		0.6275,
		0.5575,
		0.4875,
		0.4175,
		0.35,
		0.28,
		0.21,
		0.14,
		0.07,
		0	],
	"PhaseEncodingDirection": "j-",
	"ConversionSoftware": "dcm2niix",
	"ConversionSoftwareVersion": "v1.0.20170724 GCC4.4.7"
}
