{
	"TaskName": "prodL1",
	"Manufacturer": "Siemens",
	"ManufacturersModelName": "Prisma_fit",
	"EchoTrainLength": 64,
	"AcquisitionNumber": 1,
	"InstitutionName": "BCBL",
	"InstitutionAddress": "Mikeletegi_69_San_Sebastian_District_ES_20009",
	"DeviceSerialNumber": "167004",
	"SoftwareVersions": "syngo_MR_E11",
	"ProcedureStepDescription": "CRANEO_FUNCIONAL",
	"ScanningSequence": "EP",
	"SequenceVariant": "SK",
	"SeriesDescription": "ep2d_VF_L1_Run1",
	"BodyPartExamined": "BRAIN",
	"ProtocolName": "ep2d_VF_L1_Run1",
	"SequenceName": "_epfid2d1_64",
	"ImageType": ["ORIGINAL", "PRIMARY", "M", "ND", "MOSAIC"],
	"AcquisitionTime": "13:17:32.210000",
	"MagneticFieldStrength": 3,
	"FlipAngle": 90,
	"EchoTime": 0.025,
	"RepetitionTime": 3,
	"PhaseEncodingLines": 64,
	"BandwidthPerPixelPhaseEncode": 29.481,
	"EffectiveEchoSpacing": 0.000530002,
	"TotalReadoutTime": 0.0333901,
	"SliceTiming": [
		2.91,
		2.84,
		2.77,
		2.7025,
		2.6325,
		2.5625,
		2.4925,
		2.425,
		2.355,
		2.285,
		2.2175,
		2.1475,
		2.0775,
		2.0075,
		1.94,
		1.87,
		1.8,
		1.7325,
		1.6625,
		1.5925,
		1.5225,
		1.455,
		1.385,
		1.315,
		1.2475,
		1.1775,
		1.1075,
		1.0375,
		0.97,
		0.9,
		0.83,
		0.76,
		0.6925,
		0.6225,
		0.5525,
		0.485,
		0.415,
		0.345,
		0.275,
		0.2075,
		0.1375,
		0.0675,
		0	],
	"PhaseEncodingDirection": "j-",
	"ConversionSoftware": "dcm2niix",
	"ConversionSoftwareVersion": "v1.0.20170724 GCC4.4.7"
}
