{
	"TaskName": "compLn",
	"Manufacturer": "Siemens",
	"ManufacturersModelName": "Prisma_fit",
	"EchoTrainLength": 64,
	"AcquisitionNumber": 1,
	"InstitutionName": "BCBL",
	"InstitutionAddress": "Mikeletegi_69_San_Sebastian_District_ES_20009",
	"DeviceSerialNumber": "167004",
	"SoftwareVersions": "syngo_MR_E11",
	"ProcedureStepDescription": "CRANEO_FUNCIONAL",
	"ScanningSequence": "EP",
	"SequenceVariant": "SK",
	"SeriesDescription": "ep2d_PiN_L3_Run2",
	"BodyPartExamined": "BRAIN",
	"ProtocolName": "ep2d_PiN_L3_Run2",
	"SequenceName": "_epfid2d1_64",
	"ImageType": ["ORIGINAL", "PRIMARY", "M", "ND", "MOSAIC"],
	"AcquisitionTime": "12:31:5.010000",
	"MagneticFieldStrength": 3,
	"FlipAngle": 80,
	"EchoTime": 0.03,
	"RepetitionTime": 2,
	"PhaseEncodingLines": 64,
	"BandwidthPerPixelPhaseEncode": 28.409,
	"EffectiveEchoSpacing": 0.000550002,
	"TotalReadoutTime": 0.0346501,
	"SliceTiming": [
		1.9175,
		1.8575,
		1.795,
		1.7325,
		1.67,
		1.61,
		1.5475,
		1.485,
		1.4225,
		1.3625,
		1.3,
		1.2375,
		1.175,
		1.115,
		1.0525,
		0.99,
		0.9275,
		0.8675,
		0.805,
		0.7425,
		0.68,
		0.62,
		0.5575,
		0.495,
		0.4325,
		0.3725,
		0.31,
		0.2475,
		0.185,
		0.125,
		0.0625,
		0	],
	"PhaseEncodingDirection": "j-",
	"ConversionSoftware": "dcm2niix",
	"ConversionSoftwareVersion": "v1.0.20170724 GCC4.4.7"
}
