{
	"Manufacturer": "Siemens",
	"ManufacturersModelName": "Prisma_fit",
	"AcquisitionNumber": 1,
	"InstitutionName": "BCBL",
	"InstitutionAddress": "Mikeletegi_69_San_Sebastian_District_ES_20009",
	"DeviceSerialNumber": "167004",
	"SoftwareVersions": "syngo_MR_E11",
	"ProcedureStepDescription": "CRANEO_FUNCIONAL",
	"ScanningSequence": "GR_IR",
	"SequenceVariant": "SK_SP_MP_OSP",
	"SeriesDescription": "t1_mpr_tra_p2_iso",
	"BodyPartExamined": "BRAIN",
	"ProtocolName": "t1_mpr_tra_p2_iso",
	"SequenceName": "_tfl3d1_16",
	"ImageType": ["ORIGINAL", "PRIMARY", "M", "ND"],
	"AcquisitionTime": "09:42:0.232500",
	"MagneticFieldStrength": 3,
	"FlipAngle": 7,
	"EchoTime": 0.00297,
	"RepetitionTime": 2.53,
	"InversionTime": 1.1,
	"PhaseEncodingLines": 256,
	"AccelFactPE": 2,
	"PhaseEncodingDirection": "i-",
	"ConversionSoftware": "dcm2niix",
	"ConversionSoftwareVersion": "v1.0.20170724 GCC4.4.7"
}
